PATH
  remote: .
  specs:
    asker-gui (0.1.0)
      glimmer-dsl-libui (~> 0.5)

GEM
  remote: https://rubygems.org/
  specs:
    array_include_methods (1.4.0)
    ast (2.4.2)
    chunky_png (1.4.0)
    color (1.8)
    equalizer (0.0.11)
    facets (3.1.0)
    glimmer (2.7.3)
      array_include_methods (~> 1.4.0)
      facets (>= 3.1.0, < 4.0.0)
    glimmer-dsl-libui (0.5.18)
      chunky_png (~> 1.4.0)
      color (~> 1.8)
      equalizer (= 0.0.11)
      glimmer (~> 2.7.3)
      libui (~> 0.0.15)
      os (>= 1.0.0, < 2.0.0)
      perfect-shape (~> 1.0.5)
      rouge (>= 3.26.0, < 4.0.0)
      super_module (~> 1.4.1)
    json (2.6.2)
    libui (0.0.15)
    matrix (0.4.2)
    method_source (1.0.0)
    os (1.1.4)
    parallel (1.22.1)
    parser (3.1.2.1)
      ast (~> 2.4.1)
    perfect-shape (1.0.5)
      equalizer (>= 0.0.11, < 1.1.0)
      matrix (>= 0.4.2, < 1.1.0)
    power_assert (2.0.1)
    rainbow (3.1.1)
    rake (13.0.6)
    regexp_parser (2.5.0)
    rexml (3.2.5)
    rouge (3.30.0)
    rubocop (1.32.0)
      json (~> 2.3)
      parallel (~> 1.10)
      parser (>= 3.1.0.0)
      rainbow (>= 2.2.2, < 4.0)
      regexp_parser (>= 1.8, < 3.0)
      rexml (>= 3.2.5, < 4.0)
      rubocop-ast (>= 1.19.1, < 2.0)
      ruby-progressbar (~> 1.7)
      unicode-display_width (>= 1.4.0, < 3.0)
    rubocop-ast (1.21.0)
      parser (>= 3.1.1.0)
    rubocop-performance (1.14.3)
      rubocop (>= 1.7.0, < 2.0)
      rubocop-ast (>= 0.4.0)
    ruby-progressbar (1.11.0)
    standard (1.14.0)
      rubocop (= 1.32.0)
      rubocop-performance (= 1.14.3)
    super_module (1.4.1)
      method_source (>= 0.8.2, < 1.1.0)
    test-unit (3.5.3)
      power_assert
    unicode-display_width (2.2.0)

PLATFORMS
  x86_64-linux

DEPENDENCIES
  asker-gui!
  rake (~> 13.0)
  standard (~> 1.3)
  test-unit (~> 3.0)

BUNDLED WITH
   2.3.18
